PATH
  remote: .
  specs:
    apple_cert_monitor (0.0.2)
      thor (~> 0.20)

GEM
  remote: https://rubygems.org/
  specs:
    rake (10.5.0)
    thor (0.20.0)

PLATFORMS
  ruby

DEPENDENCIES
  apple_cert_monitor!
  bundler (~> 1.16)
  rake (~> 10.0)

BUNDLED WITH
   1.16.1
